GEM
  remote: http://rubygems.org/
  specs:
    activesupport (3.1.0)
      multi_json (~> 1.0)
    builder (3.0.0)
    couchrest (1.1.2)
      mime-types (~> 1.15)
      multi_json (~> 1.0.0)
      rest-client (~> 1.6.1)
    couchrest_extended_document (1.0.0)
      activesupport (>= 2.3.0)
      builder (>= 2.1.2)
      couchrest (>= 1.0.0)
      mime-types (>= 1.15)
    daemons (1.1.4)
    eventmachine (0.12.10)
    foreman (0.22.0)
      term-ansicolor (~> 1.0.5)
      thor (>= 0.13.6)
    haml (3.1.3)
    i18n (0.6.0)
    maruku (0.6.0)
      syntax (>= 1.0.0)
    mime-types (1.16)
    multi_json (1.0.3)
    mustermann (1.1.1)
      ruby2_keywords (~> 0.0.1)
    rack (2.2.3)
    rack-protection (2.2.0)
      rack
    rest-client (1.6.7)
      mime-types (>= 1.16)
    ruby2_keywords (0.0.5)
    sass (3.1.7)
    sinatra (2.2.0)
      mustermann (~> 1.0)
      rack (~> 2.2)
      rack-protection (= 2.2.0)
      tilt (~> 2.0)
    syntax (1.0.0)
    term-ansicolor (1.0.6)
    thin (1.2.11)
      daemons (>= 1.0.9)
      eventmachine (>= 0.12.6)
      rack (>= 1.0.0)
    thor (0.14.6)
    tilt (2.0.10)

PLATFORMS
  ruby

DEPENDENCIES
  couchrest
  couchrest_extended_document
  foreman
  haml
  i18n
  maruku
  sass
  sinatra
  thin
